GEM
  remote: https://rubygems.org/
  specs:
    git (1.5.0)
    haml (5.1.2)
      temple (>= 0.8.0)
      tilt
    mustermann (2.0.2)
      ruby2_keywords (~> 0.0.1)
    rack (2.2.4)
    rack-protection (2.2.3)
      rack
    redcarpet (3.5.0)
    rouge (2.2.1)
    ruby2_keywords (0.0.5)
    sinatra (2.2.3)
      mustermann (~> 2.0)
      rack (~> 2.2)
      rack-protection (= 2.2.3)
      tilt (~> 2.0)
    temple (0.8.2)
    tilt (2.0.11)

PLATFORMS
  ruby

DEPENDENCIES
  git (~> 1.2)
  haml (~> 5.0)
  redcarpet (~> 3.4)
  rouge (~> 2.2)
  sinatra (~> 2.2)

BUNDLED WITH
   1.16.1
