GEM
  remote: https://rubygems.org/
  specs:
    git (1.5.0)
    haml (5.1.2)
      temple (>= 0.8.0)
      tilt
    rack (1.6.12)
    rack-protection (1.5.5)
      rack
    redcarpet (3.5.1)
    rouge (2.2.1)
    sinatra (1.4.8)
      rack (~> 1.5)
      rack-protection (~> 1.4)
      tilt (>= 1.3, < 3)
    temple (0.8.2)
    tilt (2.0.10)

PLATFORMS
  ruby

DEPENDENCIES
  git (~> 1.2)
  haml (~> 5.0)
  redcarpet (~> 3.5)
  rouge (~> 2.2)
  sinatra (~> 1.4)

BUNDLED WITH
   1.16.1
