GEM
  remote: https://rubygems.org/
  specs:
    addressable (2.8.1)
      public_suffix (>= 2.0.2, < 6.0)
    git (1.13.0)
      addressable (~> 2.8)
      rchardet (~> 1.8)
    haml (5.1.2)
      temple (>= 0.8.0)
      tilt
    public_suffix (5.0.1)
    rack (1.6.12)
    rack-protection (1.5.5)
      rack
    rchardet (1.8.0)
    redcarpet (3.5.0)
    rouge (2.2.1)
    sinatra (1.4.8)
      rack (~> 1.5)
      rack-protection (~> 1.4)
      tilt (>= 1.3, < 3)
    temple (0.8.2)
    tilt (2.0.10)

PLATFORMS
  ruby

DEPENDENCIES
  git (~> 1.13)
  haml (~> 5.0)
  redcarpet (~> 3.4)
  rouge (~> 2.2)
  sinatra (~> 1.4)

BUNDLED WITH
   1.16.1
